GEM
  remote: http://rubygems.org/
  specs:
    coffee-script (2.2.0)
      coffee-script-source
      execjs
    coffee-script-source (1.2.0)
    commonjs (0.2.0)
      therubyracer (~> 0.9.9)
    daemons (1.0.10)
    eventmachine (0.12.10)
    execjs (1.3.0)
      multi_json (~> 1.0)
    frank (1.0.9)
      haml (~> 3.0)
      mongrel (~> 1.2.0.pre2)
      net-scp (~> 1.0)
      net-ssh (~> 2.0)
      rack (~> 1.1)
      tilt (~> 1.3)
    gem_plugin (0.2.3)
    haml (3.1.4)
    less (2.0.8)
      commonjs (~> 0.2.0)
      therubyracer (~> 0.9.9)
    libv8 (3.3.10.4)
    mongrel (1.2.0.pre2)
      daemons (~> 1.0.10)
      gem_plugin (~> 0.2.3)
    multi_json (1.0.4)
    net-scp (1.0.4)
      net-ssh (>= 1.99.1)
    net-ssh (2.3.0)
    rack (1.4.0)
    therubyracer (0.9.9)
      libv8 (~> 3.3.10)
    thin (1.3.1)
      daemons (>= 1.0.9)
      eventmachine (>= 0.12.6)
      rack (>= 1.0.0)
    tilt (1.3.3)

PLATFORMS
  ruby

DEPENDENCIES
  coffee-script (~> 2.2.0)
  frank (~> 1.0.9)
  haml (~> 3.1.4)
  less (~> 2.0.8)
  thin (~> 1.3.1)
